PATH
  remote: .
  specs:
    monogoto_api (0.1.0)
      base64
      csv
      httparty (~> 0.21, >= 0.21.0)

GEM
  remote: https://rubygems.org/
  specs:
    addressable (2.8.6)
      public_suffix (>= 2.0.2, < 6.0)
    awesome_print (1.9.2)
    base64 (0.3.0)
    bigdecimal (3.1.7)
    byebug (11.1.3)
    crack (1.0.0)
      bigdecimal
      rexml
    csv (3.3.5)
    hashdiff (1.1.0)
    httparty (0.21.0)
      mini_mime (>= 1.0.0)
      multi_xml (>= 0.5.2)
    mini_mime (1.1.5)
    multi_xml (0.6.0)
    public_suffix (5.0.5)
    rexml (3.4.1)
    webmock (3.23.0)
      addressable (>= 2.8.0)
      crack (>= 0.3.2)
      hashdiff (>= 0.4.0, < 2.0.0)

PLATFORMS
  x86_64-linux

DEPENDENCIES
  awesome_print
  byebug
  monogoto_api!
  webmock

BUNDLED WITH
   2.6.3
